Brain Vision Data Exchange Header File Version 1.0
; Data created by the Vision Recorder

[Common Infos]
Codepage=UTF-8
DataFile=208548_INTEXT01_002.ebbaaa
MarkerFile=208548_INTEXT01_002.vmrk
DataFormat=BINARY
; Data orientation: MULTIPLEXED=ch1,pt1, ch2,pt1 ...
DataOrientation=MULTIPLEXED
NumberOfChannels=7
; Sampling interval in microseconds
SamplingInterval=200

[Binary Infos]
BinaryFormat=INT_16

[Channel Infos]
; Each entry: Ch<Channel number>=<Name>,<Reference channel name>,
; <Resolution in "Unit">,<Unit>, Future extensions..
; Fields are delimited by commas, some fields might be omitted (empty).
; Commas in channel names are coded as "\1".
Ch1=ECG,,0.5,__V
Ch2=EOG_ver,,0.5,__V
Ch3=EOG_hor,,0.5,__V
Ch4=EMG_L1,,0.5,__V
Ch5=EMG_L2,,0.5,__V
Ch6=EMG_R1,,0.5,__V
Ch7=EMG_R2,,0.5,__V

[Comment]

A m p l i f i e r  S e t u p
============================
Number of channels: 7
Sampling Rate [Hz]: 5000
Sampling Interval [__S]: 200

Channels
--------
#     Name      Phys. Chn.    Resolution / Unit   Low Cutoff [s]   High Cutoff [Hz]   Notch [Hz]    Series Res. [kOhm] Gradient         Offset
1     ECG         1                0.5 __V             10             1000              Off                0                 
2     EOG_ver     2                0.5 __V             10             1000              Off                0                 
3     EOG_hor     3                0.5 __V             10             1000              Off                0                 
4     EMG_L1      4                0.5 __V             10             1000              Off                0                 
5     EMG_L2      5                0.5 __V             10             1000              Off                0                 
6     EMG_R1      6                0.5 __V             10             1000              Off                0                 
7     EMG_R2      7                0.5 __V             10             1000              Off                0                 

S o f t w a r e  F i l t e r s
==============================
#     Low Cutoff [s]   High Cutoff [Hz]   Notch [Hz]
1      Off              1000               Off
2      Off              1000               Off
3      Off              1000               Off
4      Off              1000               Off
5      Off              1000               Off
6      Off              1000               Off
7      Off              1000               Off


No impedance values available at 09:40:02!